PATH
  remote: .
  specs:
    html_email_creator (1.0.17)
      commander (>= 4.0.6)
      inline-style (>= 0.5.0)
      kramdown (>= 0.13.3)
      liquid (>= 2.3.0)
      nokogiri (>= 1.5.0)

GEM
  remote: http://rubygems.org/
  specs:
    addressable (2.3.2)
    commander (4.1.2)
      highline (~> 1.6.11)
    css_parser (1.2.6)
      addressable
      rdoc
    diff-lcs (1.1.3)
    facets (2.9.3)
    ffi (1.1.5)
    highline (1.6.13)
    inline-style (0.5.0)
      css_parser
      facets
      maca-fork-csspool
      nokogiri
    json (1.7.4)
    kramdown (0.13.7)
    liquid (2.4.1)
    maca-fork-csspool (2.0.2)
      ffi
    nokogiri (1.5.5)
    rake (0.9.2.2)
    rdoc (3.12)
      json (~> 1.4)
    rspec (2.7.0)
      rspec-core (~> 2.7.0)
      rspec-expectations (~> 2.7.0)
      rspec-mocks (~> 2.7.0)
    rspec-core (2.7.1)
    rspec-expectations (2.7.0)
      diff-lcs (~> 1.1.2)
    rspec-mocks (2.7.0)

PLATFORMS
  ruby

DEPENDENCIES
  html_email_creator!
  rake (>= 0.9.2)
  rspec
