PATH
  remote: .
  specs:
    html_email_creator (0.0.1)
      inline-style (>= 0.5.0)
      liquid (>= 2.3.0)
      nokogiri (>= 1.5.0)
      redcarpet (>= 2.0.0b5)

GEM
  remote: http://rubygems.org/
  specs:
    addressable (2.2.6)
    css_parser (1.2.5)
      addressable
    diff-lcs (1.1.3)
    facets (2.9.2)
    ffi (1.0.10)
    inline-style (0.5.0)
      css_parser
      facets
      maca-fork-csspool
      nokogiri
    liquid (2.3.0)
    maca-fork-csspool (2.0.2)
      ffi
    nokogiri (1.5.0)
    rake (0.9.2.2)
    redcarpet (2.0.0b5)
    rspec (2.7.0)
      rspec-core (~> 2.7.0)
      rspec-expectations (~> 2.7.0)
      rspec-mocks (~> 2.7.0)
    rspec-core (2.7.1)
    rspec-expectations (2.7.0)
      diff-lcs (~> 1.1.2)
    rspec-mocks (2.7.0)

PLATFORMS
  ruby

DEPENDENCIES
  html_email_creator!
  rake (>= 0.9.2)
  rspec
